{
	"Modality": "MR",
	"MagneticFieldStrength": 6.98,
	"Manufacturer": "Siemens",
	"ManufacturersModelName": "Investigational_Device_7T",
	"InstitutionName": "CMRR_7T_PS",
	"InstitutionalDepartmentName": "CMRR",
	"InstitutionAddress": "6th_Street_SE_2021_Minneapolis_114426_Chicago_US_55455",
	"DeviceSerialNumber": "18912",
	"StationName": "SEPTET",
	"PatientPosition": "HFS",
	"ProcedureStepDescription": "Olman_functional",
	"SoftwareVersions": "syngo_MR_B17",
	"MRAcquisitionType": "2D",
	"SeriesDescription": "GE_p8mm_r3_mb1_tr2_36sl_103dB_revPE",
	"ProtocolName": "GE_p8mm_r3_mb1_tr2_36sl_103dB_revPE",
	"ScanningSequence": "EP",
	"SequenceVariant": "SK_SS_OSP",
	"ScanOptions": "PFP",
	"SequenceName": "epfid2d1_162",
	"ImageType": ["ORIGINAL", "PRIMARY", "M", "ND", "MOSAIC"],
	"SeriesNumber": 24,
	"AcquisitionTime": "13:15:8.330000",
	"AcquisitionNumber": 1,
	"ImageComments": "SENSE1",
	"SliceThickness": 0.8,
	"SpacingBetweenSlices": 0.8,
	"SAR": 0.00547442,
	"EchoTime": 0.0234,
	"RepetitionTime": 2,
	"FlipAngle": 70,
	"PartialFourier": 0.75,
	"BaseResolution": 200,
	"ShimSetting": [
		-217,
		79,
		531,
		7239,
		-9,
		1231,
		488,
		149	],
	"TxRefAmp": 75,
	"PhaseResolution": 1,
	"ReceiveCoilName": "VM_8T_32R_Head",
	"PulseSequenceDetails": "%CustomerSeq%_eja_ep2d_bold",
	"PercentPhaseFOV": 81,
	"PhaseEncodingSteps": 123,
	"AcquisitionMatrixPE": 162,
	"ReconMatrixPE": 200,
	"BandwidthPerPixelPhaseEncode": 18.335,
	"ParallelReductionFactorInPlane": 3,
	"EffectiveEchoSpacing": 0.000272702,
	"DerivedVendorReportedEchoSpacing": 0.000818107,
	"TotalReadoutTime": 0.0542678,
	"PixelBandwidth": 1190,
	"DwellTime": 2.1e-06,
	"PhaseEncodingDirection": "i-",
	"SliceTiming": [
		1.005,
		0,
		1.06,
		0.0575,
		1.115,
		0.1125,
		1.1725,
		0.1675,
		1.2275,
		0.225,
		1.2825,
		0.28,
		1.34,
		0.335,
		1.395,
		0.39,
		1.45,
		0.4475,
		1.5075,
		0.5025,
		1.5625,
		0.5575,
		1.6175,
		0.615,
		1.6725,
		0.67,
		1.73,
		0.725,
		1.785,
		0.7825,
		1.84,
		0.8375,
		1.8975,
		0.8925,
		1.9525,
		0.9475	],
	"ImageOrientationPatientDICOM": [
		1,
		0,
		4.10207e-10,
		4.10207e-10,
		0,
		-1	],
	"InPlanePhaseEncodingDirectionDICOM": "ROW",
	"ConversionSoftware": "dcm2niix",
"ConversionSoftwareVersion": "v1.0.20180622 GCC4.9.2",
	"IntendedFor": ["ses-2/func/sub-01_ses-2_task-exp3_run-01_bold.nii","ses-2/func/sub-01_ses-2_task-exp3_run-02_bold.nii","ses-2/func/sub-01_ses-2_task-exp2_run-01_bold.nii","ses-2/func/sub-01_ses-2_task-exp4_run-01_bold.nii","ses-2/func/sub-01_ses-2_task-exp1_run-01_bold.nii","ses-2/func/sub-01_ses-2_task-exp1_run-02_bold.nii","ses-2/func/sub-01_ses-2_task-exp2_run-02_bold.nii","ses-2/func/sub-01_ses-2_task-exp4_run-02_bold.nii","ses-2/func/sub-01_ses-2_task-exp3_run-03_bold.nii","ses-2/func/sub-01_ses-2_task-exp2_run-03_bold.nii"]
}
