{
	"Modality": "MR",
	"MagneticFieldStrength": 6.98,
	"Manufacturer": "Siemens",
	"ManufacturersModelName": "Investigational_Device_7T",
	"InstitutionName": "CMRR_7T_PS",
	"InstitutionalDepartmentName": "CMRR",
	"InstitutionAddress": "6th_Street_SE_2021_Minneapolis_114426_Chicago_US_55455",
	"DeviceSerialNumber": "18912",
	"StationName": "SEPTET",
	"PatientPosition": "HFS",
	"ProcedureStepDescription": "Olman_functional",
	"SoftwareVersions": "syngo_MR_B17",
	"MRAcquisitionType": "2D",
	"SeriesDescription": "BP_ep2d_bold_multiecho_ASL_SMS_T1_E00_M",
	"ProtocolName": "BP_ep2d_bold_multiecho_ASL_SMS_T1",
	"ScanningSequence": "EP",
	"SequenceVariant": "SK_OSP",
	"ScanOptions": "PFP_SAT1_FS",
	"SequenceName": "B.Poser@MBIC_NL",
	"ImageType": ["ORIGINAL", "PRIMARY", "M", "ND", "ECHO", "00", "COMBINED", "MOSAIC"],
	"SeriesNumber": 26,
	"AcquisitionTime": "13:07:1.197500",
	"AcquisitionNumber": 1,
	"ImageComments": "E00_Com",
	"SliceThickness": 0.8,
	"SpacingBetweenSlices": 0.8,
	"SAR": 0.00433305,
	"EchoTime": 0.023,
	"RepetitionTime": 8,
	"FlipAngle": 81,
	"PartialFourier": 0.75,
	"BaseResolution": 200,
	"ShimSetting": [
		-342,
		-19,
		694,
		6195,
		113,
		2024,
		257,
		211	],
	"TxRefAmp": 75,
	"PhaseResolution": 1,
	"ReceiveCoilName": "VM_8T_32R_Head",
	"PulseSequenceDetails": "%CustomerSeq%_BP_ep2d_bold_multiecho_ASL_SMS_T1",
	"PercentPhaseFOV": 81,
	"PhaseEncodingSteps": 123,
	"AcquisitionMatrixPE": 162,
	"ReconMatrixPE": 200,
	"BandwidthPerPixelPhaseEncode": 18.519,
	"ParallelReductionFactorInPlane": 3,
	"EffectiveEchoSpacing": 0.000269993,
	"DerivedVendorReportedEchoSpacing": 0.000809979,
	"TotalReadoutTime": 0.0537286,
	"PixelBandwidth": 1136,
	"DwellTime": 2.2e-06,
	"PhaseEncodingDirection": "i",
	"SliceTiming": [
		0,
		0.0675,
		0.135,
		0.2025,
		0.27,
		0.3375,
		0.405,
		0.475,
		0.5425,
		0.61,
		0.6775,
		0.745,
		0.8125,
		0.88,
		0.9475,
		1.015,
		1.085,
		1.1525,
		1.22,
		1.2875,
		1.355,
		1.4225,
		1.49,
		1.5575,
		1.6275,
		1.695,
		1.7625,
		1.83,
		1.8975,
		1.965,
		2.0325,
		2.1,
		2.1675,
		2.2375,
		2.305,
		2.3725	],
	"ImageOrientationPatientDICOM": [
		1,
		0,
		2.05104e-10,
		2.05104e-10,
		0,
		-1	],
	"InPlanePhaseEncodingDirectionDICOM": "ROW",
	"ConversionSoftware": "dcm2niix",
	"ConversionSoftwareVersion": "v1.0.20180622 GCC4.9.2"
}
