{
	"Modality": "MR",
	"MagneticFieldStrength": 6.98,
	"Manufacturer": "Siemens",
	"ManufacturersModelName": "Investigational_Device_7T",
	"InstitutionName": "CMRR_7T_PS",
	"InstitutionalDepartmentName": "CMRR",
	"InstitutionAddress": "6th_Street_SE_2021_Minneapolis_114426_Chicago_US_55455",
	"DeviceSerialNumber": "18912",
	"StationName": "SEPTET",
	"PatientPosition": "HFS",
	"ProcedureStepDescription": "Olman_functional",
	"SoftwareVersions": "syngo_MR_B17",
	"MRAcquisitionType": "2D",
	"SeriesDescription": "GE_p8mm_r3_mb1_tr2_36sl_103dB_run1",
	"ProtocolName": "GE_p8mm_r3_mb1_tr2_36sl_103dB_run1",
	"ScanningSequence": "EP",
	"SequenceVariant": "SK_SS_OSP",
	"ScanOptions": "PFP",
	"SequenceName": "epfid2d1_162",
	"ImageType": ["ORIGINAL", "PRIMARY", "M", "ND", "MOSAIC"],
	"SeriesNumber": 12,
	"AcquisitionTime": "12:00:15.717500",
	"AcquisitionNumber": 1,
	"ImageComments": "SENSE1",
	"SliceThickness": 0.8,
	"SpacingBetweenSlices": 0.8,
	"SAR": 0.0062891,
	"EchoTime": 0.0234,
	"RepetitionTime": 2,
	"FlipAngle": 70,
	"PartialFourier": 0.75,
	"BaseResolution": 200,
	"ShimSetting": [
		-217,
		79,
		531,
		7239,
		-9,
		1231,
		488,
		149	],
	"TxRefAmp": 75,
	"PhaseResolution": 1,
	"ReceiveCoilName": "VM_8T_32R_Head",
	"PulseSequenceDetails": "%CustomerSeq%_eja_ep2d_bold",
	"PercentPhaseFOV": 81,
	"PhaseEncodingSteps": 123,
	"AcquisitionMatrixPE": 162,
	"ReconMatrixPE": 200,
	"BandwidthPerPixelPhaseEncode": 18.335,
	"ParallelReductionFactorInPlane": 3,
	"EffectiveEchoSpacing": 0.000272702,
	"DerivedVendorReportedEchoSpacing": 0.000818107,
	"TotalReadoutTime": 0.0542678,
	"PixelBandwidth": 1190,
	"DwellTime": 2.1e-06,
	"PhaseEncodingDirection": "i",
	"SliceTiming": [
		1.0025,
		0,
		1.0575,
		0.055,
		1.115,
		0.11,
		1.17,
		0.1675,
		1.225,
		0.2225,
		1.2825,
		0.2775,
		1.3375,
		0.3325,
		1.3925,
		0.39,
		1.45,
		0.445,
		1.505,
		0.5,
		1.56,
		0.5575,
		1.6175,
		0.6125,
		1.6725,
		0.6675,
		1.7275,
		0.725,
		1.7825,
		0.78,
		1.84,
		0.835,
		1.895,
		0.8925,
		1.95,
		0.9475	],
	"ImageOrientationPatientDICOM": [
		1,
		0,
		0,
		0,
		0,
		-1	],
	"InPlanePhaseEncodingDirectionDICOM": "ROW",
	"ConversionSoftware": "dcm2niix",
"ConversionSoftwareVersion": "v1.0.20180622 GCC4.9.2",
	"TaskName": "exp3"
}
